PATH
  remote: .
  specs:
    ruby-fann (1.2.6)

GEM
  remote: https://rubygems.org/
  specs:
    json (1.8.3)
    rdoc (4.2.2)
      json (~> 1.4)

PLATFORMS
  ruby

DEPENDENCIES
  rdoc
  ruby-fann!
